GEM
  remote: https://rubygems.org/
  specs:
    Ascii85 (1.0.2)
    actionmailer (4.2.4)
      actionpack (= 4.2.4)
      actionview (= 4.2.4)
      activejob (= 4.2.4)
      mail (~> 2.5, >= 2.5.4)
      rails-dom-testing (~> 1.0, >= 1.0.5)
    actionpack (4.2.4)
      actionview (= 4.2.4)
      activesupport (= 4.2.4)
      rack (~> 1.6)
      rack-test (~> 0.6.2)
      rails-dom-testing (~> 1.0, >= 1.0.5)
      rails-html-sanitizer (~> 1.0, >= 1.0.2)
    actionview (4.2.4)
      activesupport (= 4.2.4)
      builder (~> 3.1)
      erubis (~> 2.7.0)
      rails-dom-testing (~> 1.0, >= 1.0.5)
      rails-html-sanitizer (~> 1.0, >= 1.0.2)
    active_data (0.3.0)
      activemodel
      activesupport
    activejob (4.2.4)
      activesupport (= 4.2.4)
      globalid (>= 0.3.0)
    activemodel (4.2.4)
      activesupport (= 4.2.4)
      builder (~> 3.1)
    activerecord (4.2.4)
      activemodel (= 4.2.4)
      activesupport (= 4.2.4)
      arel (~> 6.0)
    activesupport (4.2.4)
      i18n (~> 0.7)
      json (~> 1.7, >= 1.7.7)
      minitest (~> 5.1)
      thread_safe (~> 0.3, >= 0.3.4)
      tzinfo (~> 1.1)
    acts-as-taggable-on (3.5.0)
      activerecord (>= 3.2, < 5)
    afm (0.2.2)
    ansi (1.5.0)
    arel (6.0.3)
    ast (2.1.0)
    astrolabe (1.3.1)
      parser (~> 2.2)
    awesome_print (1.6.1)
    bcrypt (3.1.10)
    better_errors (2.1.1)
      coderay (>= 1.0.0)
      erubis (>= 2.6.6)
      rack (>= 0.9.0)
    binding_of_caller (0.7.2)
      debug_inspector (>= 0.0.1)
    builder (3.2.2)
    byebug (8.2.0)
    cancan (1.6.10)
    carrierwave (0.10.0)
      activemodel (>= 3.2.0)
      activesupport (>= 3.2.0)
      json (>= 1.7)
      mime-types (>= 1.16)
    chewy (0.8.2)
      activesupport (>= 3.2)
      elasticsearch (>= 1.0.0)
    chronic (0.10.2)
    ckeditor (4.1.1)
      cocaine
      orm_adapter (~> 0.5.0)
    climate_control (0.0.3)
      activesupport (>= 3.0)
    cocaine (0.5.8)
      climate_control (>= 0.0.3, < 1.0)
    coderay (1.1.0)
    coffee-rails (4.1.0)
      coffee-script (>= 2.2.0)
      railties (>= 4.0.0, < 5.0)
    coffee-script (2.4.1)
      coffee-script-source
      execjs
    coffee-script-source (1.10.0)
    debug_inspector (0.0.2)
    devise (3.5.2)
      bcrypt (~> 3.0)
      orm_adapter (~> 0.1)
      railties (>= 3.2.6, < 5)
      responders
      thread_safe (~> 0.1)
      warden (~> 1.2.3)
    domain_name (0.5.25)
      unf (>= 0.0.5, < 1.0.0)
    elasticsearch (1.0.14)
      elasticsearch-api (= 1.0.14)
      elasticsearch-transport (= 1.0.14)
    elasticsearch-api (1.0.14)
      multi_json
    elasticsearch-transport (1.0.14)
      faraday
      multi_json
    erubis (2.7.0)
    execjs (2.6.0)
    faraday (0.9.2)
      multipart-post (>= 1.2, < 3)
    figaro (1.1.1)
      thor (~> 0.14)
    font-awesome-rails (4.5.0.0)
      railties (>= 3.2, < 5.0)
    font-awesome-sass (4.4.0)
      sass (>= 3.2)
    foreigner (1.7.4)
      activerecord (>= 3.0.0)
    friendly_id (5.1.0)
      activerecord (>= 4.0.0)
    globalid (0.3.6)
      activesupport (>= 4.1.0)
    hashery (2.1.1)
    hashr (0.0.22)
    http-cookie (1.0.2)
      domain_name (~> 0.5)
    i18n (0.7.0)
    jbuilder (2.3.2)
      activesupport (>= 3.0.0, < 5)
      multi_json (~> 1.2)
    jquery-rails (4.0.5)
      rails-dom-testing (~> 1.0)
      railties (>= 4.2.0)
      thor (>= 0.14, < 2.0)
    jquery-turbolinks (2.1.0)
      railties (>= 3.1.0)
      turbolinks
    json (1.8.3)
    loofah (2.0.3)
      nokogiri (>= 1.5.9)
    mail (2.6.3)
      mime-types (>= 1.16, < 3)
    mailboxer (0.13.0)
      carrierwave (>= 0.5.8)
      foreigner (>= 0.9.1)
      rails (>= 3.2.0)
    mime-types (2.99)
    mimemagic (0.3.0)
    mini_portile (0.6.2)
    minitest (5.8.3)
    multi_json (1.11.2)
    multipart-post (2.0.0)
    netrc (0.11.0)
    nokogiri (1.6.6.4)
      mini_portile (~> 0.6.0)
    orm_adapter (0.5.0)
    paperclip (4.3.2)
      activemodel (>= 3.2.0)
      activesupport (>= 3.2.0)
      cocaine (~> 0.5.5)
      mime-types
      mimemagic (= 0.3.0)
    parser (2.2.3.0)
      ast (>= 1.1, < 3.0)
    pdf-reader (1.3.3)
      Ascii85 (~> 1.0.0)
      afm (~> 0.2.0)
      hashery (~> 2.0)
      ruby-rc4
      ttfunk
    pg (0.18.4)
    powerpack (0.1.1)
    quiet_assets (1.1.0)
      railties (>= 3.1, < 5.0)
    rack (1.6.4)
    rack-test (0.6.3)
      rack (>= 1.0)
    rails (4.2.4)
      actionmailer (= 4.2.4)
      actionpack (= 4.2.4)
      actionview (= 4.2.4)
      activejob (= 4.2.4)
      activemodel (= 4.2.4)
      activerecord (= 4.2.4)
      activesupport (= 4.2.4)
      bundler (>= 1.3.0, < 2.0)
      railties (= 4.2.4)
      sprockets-rails
    rails-deprecated_sanitizer (1.0.3)
      activesupport (>= 4.2.0.alpha)
    rails-dom-testing (1.0.7)
      activesupport (>= 4.2.0.beta, < 5.0)
      nokogiri (~> 1.6.0)
      rails-deprecated_sanitizer (>= 1.0.1)
    rails-html-sanitizer (1.0.2)
      loofah (~> 2.0)
    rails-i18n (4.0.7)
      i18n (~> 0.7)
      railties (~> 4.0)
    railties (4.2.4)
      actionpack (= 4.2.4)
      activesupport (= 4.2.4)
      rake (>= 0.8.7)
      thor (>= 0.18.1, < 2.0)
    rainbow (2.0.0)
    rake (10.4.2)
    rdoc (4.2.0)
    responders (2.1.0)
      railties (>= 4.2.0, < 5)
    rest-client (1.8.0)
      http-cookie (>= 1.0.2, < 2.0)
      mime-types (>= 1.16, < 3.0)
      netrc (~> 0.7)
    rubocop (0.35.1)
      astrolabe (~> 1.3)
      parser (>= 2.2.3.0, < 3.0)
      powerpack (~> 0.1)
      rainbow (>= 1.99.1, < 3.0)
      ruby-progressbar (~> 1.7)
      tins (<= 1.6.0)
    ruby-progressbar (1.7.5)
    ruby-rc4 (0.1.5)
    sass (3.4.19)
    sass-rails (5.0.4)
      railties (>= 4.0.0, < 5.0)
      sass (~> 3.1)
      sprockets (>= 2.8, < 4.0)
      sprockets-rails (>= 2.0, < 4.0)
      tilt (>= 1.1, < 3)
    sdoc (0.4.1)
      json (~> 1.7, >= 1.7.7)
      rdoc (~> 4.0)
    simple_form (3.2.0)
      actionpack (~> 4.0)
      activemodel (~> 4.0)
    slim (3.0.6)
      temple (~> 0.7.3)
      tilt (>= 1.3.3, < 2.1)
    slim-rails (3.0.1)
      actionmailer (>= 3.1, < 5.0)
      actionpack (>= 3.1, < 5.0)
      activesupport (>= 3.1, < 5.0)
      railties (>= 3.1, < 5.0)
      slim (~> 3.0)
    spring (1.4.4)
    sprockets (3.4.0)
      rack (> 1, < 3)
    sprockets-rails (2.3.3)
      actionpack (>= 3.0)
      activesupport (>= 3.0)
      sprockets (>= 2.8, < 4.0)
    temple (0.7.6)
    thor (0.19.1)
    thread_safe (0.3.5)
    tilt (2.0.1)
    tins (1.6.0)
    tire (0.6.2)
      activemodel (>= 3.0)
      activesupport
      ansi
      hashr (~> 0.0.19)
      multi_json (~> 1.3)
      rake
      rest-client (~> 1.6)
    ttfunk (1.4.0)
    turbolinks (2.5.3)
      coffee-rails
    twitter-bootstrap-rails (3.2.0)
      actionpack (~> 4.1)
      execjs (~> 2.2)
      rails (~> 4.1)
      railties (~> 4.1)
    tzinfo (1.2.2)
      thread_safe (~> 0.1)
    uglifier (2.7.2)
      execjs (>= 0.3.0)
      json (>= 1.8.0)
    underscore-rails (1.8.3)
    unf (0.1.4)
      unf_ext
    unf_ext (0.0.7.1)
    warden (1.2.3)
      rack (>= 1.0)
    web-console (2.2.1)
      activemodel (>= 4.0)
      binding_of_caller (>= 0.7.2)
      railties (>= 4.0)
      sprockets-rails (>= 2.0, < 4.0)
    whenever (0.9.4)
      chronic (>= 0.6.3)
    will_paginate (3.0.7)
    will_paginate-bootstrap (1.0.1)
      will_paginate (>= 3.0.3)

PLATFORMS
  ruby

DEPENDENCIES
  active_data
  acts-as-taggable-on
  awesome_print
  better_errors
  binding_of_caller
  byebug
  cancan
  chewy
  ckeditor
  coffee-rails (~> 4.1.0)
  devise
  figaro
  font-awesome-rails
  font-awesome-sass
  friendly_id
  jbuilder (~> 2.0)
  jquery-rails
  jquery-turbolinks
  mailboxer
  paperclip (~> 4.2)
  pdf-reader
  pg
  quiet_assets
  rails (= 4.2.4)
  rails-i18n
  rubocop
  sass-rails (~> 5.0)
  sdoc (~> 0.4.0)
  simple_form
  slim-rails
  spring
  tire
  turbolinks
  twitter-bootstrap-rails
  uglifier (>= 1.3.0)
  underscore-rails
  web-console (~> 2.0)
  whenever
  will_paginate
  will_paginate-bootstrap

BUNDLED WITH
   1.10.6
